NUGET
  remote: https://nuget.org/api/v2
  specs:
    FParsec (1.0.2)

GROUP Build
NUGET
  remote: http://nuget.org/api/v2
  specs:
    FAKE (4.10.5)
    NuGet.CommandLine (3.3.0)
    SourceLink.Fake (1.1.0)

GROUP Test
FRAMEWORK: >= NET45
NUGET
  remote: http://nuget.org/api/v2
  specs:
    NUnit (3.0.1)
    NUnit.Console (3.0.1)
    NUnit.Runners (3.0.1)
      NUnit.Console (3.0.1)
    Unquote (3.1.0)
