FRAMEWORK: NET45
NUGET
  remote: https://nuget.org/api/v2
  specs:
    FAKE (4.7.1)
    FParsec (1.0.2)
    NuGet.CommandLine (2.8.6)
    NUnit (2.6.4)
    NUnit.Runners (2.6.4)
    SourceLink.Fake (1.1.0)
    Unquote (3.1.0)
